GEM
  remote: https://rubygems.org/
  specs:
    e (0.4.2)
      rack (~> 1.5)
      tilt (~> 1.3)
    rack (1.5.2)
    tilt (1.3.5)

PLATFORMS
  ruby

DEPENDENCIES
  e
